GEM
  remote: https://rubygems.org/
  specs:
    activesupport (8.0.2)
      base64
      benchmark (>= 0.3)
      bigdecimal
      concurrent-ruby (~> 1.0, >= 1.3.1)
      connection_pool (>= 2.2.5)
      drb
      i18n (>= 1.6, < 2)
      logger (>= 1.4.2)
      minitest (>= 5.1)
      securerandom (>= 0.3)
      tzinfo (~> 2.0, >= 2.0.5)
      uri (>= 0.13.1)
    base64 (0.2.0)
    benchmark (0.4.0)
    bigdecimal (3.1.9)
    concurrent-ruby (1.3.5)
    connection_pool (2.5.0)
    csv (3.3.3)
    drb (2.2.1)
    httparty (0.17.3)
      mime-types (~> 3.0)
      multi_xml (>= 0.5.2)
    i18n (1.14.7)
      concurrent-ruby (~> 1.0)
    json (2.10.2)
    logger (1.6.6)
    mime-types (3.6.2)
      logger
      mime-types-data (~> 3.2015)
    mime-types-data (3.2025.0325)
    mini_portile2 (2.8.8)
    minitest (5.25.5)
    multi_xml (0.7.1)
      bigdecimal (~> 3.1)
    nokogiri (1.18.6)
      mini_portile2 (~> 2.8.2)
      racc (~> 1.4)
    nokogiri (1.18.6-arm64-darwin)
      racc (~> 1.4)
    pastel (0.8.0)
      tty-color (~> 0.5)
    racc (1.8.1)
    reverse_markdown (3.0.0)
      nokogiri
    ruby-progressbar (1.13.0)
    securerandom (0.4.1)
    strings (0.2.1)
      strings-ansi (~> 0.2)
      unicode-display_width (>= 1.5, < 3.0)
      unicode_utils (~> 1.4)
    strings-ansi (0.2.0)
    thor (1.3.2)
    tty-box (0.7.0)
      pastel (~> 0.8)
      strings (~> 0.2.0)
      tty-cursor (~> 0.7)
    tty-color (0.6.0)
    tty-cursor (0.7.1)
    tty-progressbar (0.18.3)
      strings-ansi (~> 0.2)
      tty-cursor (~> 0.7)
      tty-screen (~> 0.8)
      unicode-display_width (>= 1.6, < 3.0)
    tty-prompt (0.23.1)
      pastel (~> 0.8)
      tty-reader (~> 0.8)
    tty-reader (0.9.0)
      tty-cursor (~> 0.7)
      tty-screen (~> 0.8)
      wisper (~> 2.0)
    tty-screen (0.8.2)
    tty-spinner (0.9.3)
      tty-cursor (~> 0.7)
    tzinfo (2.0.6)
      concurrent-ruby (~> 1.0)
    unicode-display_width (2.6.0)
    unicode_utils (1.4.0)
    uri (1.0.3)
    wisper (2.0.1)

PLATFORMS
  arm64-darwin-24
  ruby

DEPENDENCIES
  activesupport
  csv
  httparty (~> 0.17.3)
  json (~> 2.6, >= 2.6.3)
  pastel
  reverse_markdown (~> 3.0)
  ruby-progressbar
  thor
  tty-box
  tty-cursor
  tty-progressbar (~> 0.18.3)
  tty-prompt
  tty-reader
  tty-screen
  tty-spinner

BUNDLED WITH
   2.6.2
